GEM
  remote: https://rubygems.org/
  specs:
    addressable (2.8.0)
      public_suffix (>= 2.0.2, < 5.0)
    json-schema (2.8.1)
      addressable (>= 2.4)
    public_suffix (4.0.6)

PLATFORMS
  ruby

DEPENDENCIES
  json-schema

BUNDLED WITH
   2.1.0.pre.1
