GEM
  remote: https://rubygems.org/
  specs:
    addressable (2.8.1)
      public_suffix (>= 2.0.2, < 6.0)
    json-schema (2.8.1)
      addressable (>= 2.4)
    public_suffix (5.0.0)

PLATFORMS
  ruby

DEPENDENCIES
  json-schema

BUNDLED WITH
   2.1.0.pre.1
